PATH
  remote: .
  specs:
    mongoid-eager-loading (0.2.0)

GEM
  remote: http://rubygems.org/
  specs:
    activemodel (3.0.3)
      activesupport (= 3.0.3)
      builder (~> 2.1.2)
      i18n (~> 0.4)
    activesupport (3.0.3)
    bson (1.2.0)
    bson_ext (1.2.0)
    builder (2.1.2)
    diff-lcs (1.1.2)
    i18n (0.5.0)
    mocha (0.9.9)
      rake
    mongo (1.2.0)
      bson (>= 1.2.0)
    mongoid (2.0.0.rc.6)
      activemodel (~> 3.0)
      mongo (~> 1.2)
      tzinfo (~> 0.3.22)
      will_paginate (~> 3.0.pre)
    rake (0.8.7)
    rspec (2.0.1)
      rspec-core (~> 2.0.1)
      rspec-expectations (~> 2.0.1)
      rspec-mocks (~> 2.0.1)
    rspec-core (2.0.1)
    rspec-expectations (2.0.1)
      diff-lcs (>= 1.1.2)
    rspec-mocks (2.0.1)
      rspec-core (~> 2.0.1)
      rspec-expectations (~> 2.0.1)
    tzinfo (0.3.24)
    watchr (0.7)
    will_paginate (3.0.pre2)

PLATFORMS
  ruby

DEPENDENCIES
  bson (= 1.2.0)
  bson_ext (= 1.2.0)
  bundler (>= 1.0.0)
  mocha
  mongo (= 1.2.0)
  mongoid (= 2.0.0.rc.6)
  mongoid-eager-loading!
  rspec (~> 2.0.0)
  watchr
